PATH
  remote: .
  specs:
    osiris (0.0.0.0)
      aws-sdk (~> 2)
      bundler (~> 1.10)
      rest-client (~> 1.8)
      rubyzip (~> 1.1)
      travis-build-tools (~> 2)

GEM
  remote: https://rubygems.org/
  specs:
    aws-sdk (2.1.35)
      aws-sdk-resources (= 2.1.35)
    aws-sdk-core (2.1.35)
      jmespath (~> 1.0)
    aws-sdk-resources (2.1.35)
      aws-sdk-core (= 2.1.35)
    diff-lcs (1.2.5)
    domain_name (0.5.25)
      unf (>= 0.0.5, < 1.0.0)
    ffi (1.9.10-x86-mingw32)
    http-cookie (1.0.2)
      domain_name (~> 0.5)
    jmespath (1.1.3)
    mime-types (2.6.2)
    netrc (0.11.0)
    rake (10.4.2)
    rest-client (1.8.0-x86-mingw32)
      ffi (~> 1.9)
      http-cookie (>= 1.0.2, < 2.0)
      mime-types (>= 1.16, < 3.0)
      netrc (~> 0.7)
    rspec (3.2.0)
      rspec-core (~> 3.2.0)
      rspec-expectations (~> 3.2.0)
      rspec-mocks (~> 3.2.0)
    rspec-core (3.2.3)
      rspec-support (~> 3.2.0)
    rspec-expectations (3.2.1)
      diff-lcs (>= 1.2.0, < 2.0)
      rspec-support (~> 3.2.0)
    rspec-mocks (3.2.1)
      diff-lcs (>= 1.2.0, < 2.0)
      rspec-support (~> 3.2.0)
    rspec-support (3.2.2)
    rubyzip (1.1.7)
    travis-build-tools (2.0.48.0)
      bundler (~> 1.10)
      rest-client (~> 1.8)
      rubyzip (~> 1.1)
    unf (0.1.4)
      unf_ext
    unf_ext (0.0.7.1-x86-mingw32)

PLATFORMS
  ruby
  x86-mingw32

DEPENDENCIES
  osiris!
  rake!
  rspec!

BUNDLED WITH
   1.10.6
